GEM
  remote: https://rubygems.org/
  specs:
    awesome_print (1.1.0)
    rake (10.1.0)
    thor (0.18.1)

PLATFORMS
  ruby

DEPENDENCIES
  awesome_print
  rake
  thor
